GEM
  remote: http://rubygems.org/
  specs:
    nokogiri (1.4.4-x86-mingw32)

PLATFORMS
  x86-mingw32

DEPENDENCIES
  nokogiri (= 1.4.4)
