GEM
  remote: http://rubygems.org/
  specs:
    log4r (1.1.10)
    mini_portile2 (2.4.0)
    nokogiri (1.10.8)
      mini_portile2 (~> 2.4.0)
    nokogiri (1.10.8-x86-mingw32)
      mini_portile2 (~> 2.4.0)

PLATFORMS
  ruby
  x86-mingw32

DEPENDENCIES
  log4r
  nokogiri (~> 1.10.8)

BUNDLED WITH
   2.0.2
